GEM
  remote: https://rubygems.org/
  specs:
    backports (3.11.3)
    byebug (9.0.6)
    eventmachine (1.2.5)
    ffi (1.9.23)
    multi_json (1.13.1)
    mustermann (1.0.2)
    pi_piper (1.3.2)
      ffi
    rack (2.0.4)
    rack-protection (2.0.1)
      rack
    sinatra (2.0.1)
      mustermann (~> 1.0)
      rack (~> 2.0)
      rack-protection (= 2.0.1)
      tilt (~> 2.0)
    sinatra-contrib (2.0.1)
      backports (>= 2.0)
      multi_json
      mustermann (~> 1.0)
      rack-protection (= 2.0.1)
      sinatra (= 2.0.1)
      tilt (>= 1.3, < 3)
    sinatra-param (1.5.0)
      sinatra (>= 1.3)
    tilt (2.0.8)

PLATFORMS
  ruby

DEPENDENCIES
  byebug
  eventmachine (= 1.2.5)
  pi_piper
  sinatra
  sinatra-contrib
  sinatra-param

BUNDLED WITH
   1.16.1
